GEM
  remote: https://rubygems.org/
  specs:
    dnsimple (3.1.0)
      httparty
    httparty (0.14.0)
      multi_xml (>= 0.5.2)
    multi_xml (0.5.5)

PLATFORMS
  ruby

DEPENDENCIES
  dnsimple (~> 3.0)

BUNDLED WITH
   1.12.5
